GEM
  remote: https://rubygems.org/
  specs:
    slack-notifier (2.4.0)

PLATFORMS
  x86_64-darwin-19

DEPENDENCIES
  slack-notifier

BUNDLED WITH
   2.2.15
